GEM
  remote: https://rubygems.org/
  specs:
    ast (2.4.0)
    minitest (5.11.3)
    minitest-autotest (1.1.1)
      minitest-server (~> 1.0)
      path_expander (~> 1.0)
    minitest-server (1.0.5)
      minitest (~> 5.0)
    parallel (1.17.0)
    parser (2.6.4.1)
      ast (~> 2.4.0)
    path_expander (1.0.5)
    powerpack (0.1.2)
    rainbow (3.0.0)
    rake (12.3.3)
    rubocop (0.54.0)
      parallel (~> 1.10)
      parser (>= 2.5)
      powerpack (~> 0.1)
      rainbow (>= 2.2.2, < 4.0)
      ruby-progressbar (~> 1.7)
      unicode-display_width (~> 1.0, >= 1.0.1)
    ruby-progressbar (1.10.1)
    unicode-display_width (1.6.0)

PLATFORMS
  ruby

DEPENDENCIES
  minitest (~> 5.11.3)
  minitest-autotest (~> 1.1.1)
  rake (~> 12.3.3)
  rubocop (~> 0.54.0)

BUNDLED WITH
   1.17.3
